PATH
  remote: .
  specs:
    acli (0.1.0)
      multi_json
      pry
      thor
      typhoeus

GEM
  remote: https://rubygems.org/
  specs:
    coderay (1.1.0)
    ethon (0.7.1)
      ffi (>= 1.3.0)
    ffi (1.9.6)
    method_source (0.8.2)
    multi_json (1.10.1)
    pry (0.10.1)
      coderay (~> 1.1.0)
      method_source (~> 0.8.1)
      slop (~> 3.4)
    rake (10.3.2)
    slop (3.6.0)
    thor (0.19.1)
    typhoeus (0.6.9)
      ethon (>= 0.7.1)

PLATFORMS
  ruby

DEPENDENCIES
  acli!
  bundler (~> 1.5)
  pry
  rake
